GEM
  specs:
    docker-api (1.33.6)
      excon (>= 0.38.0)
      json
    excon (0.59.0)
    json (2.0.2)

PLATFORMS
  ruby

DEPENDENCIES
  docker-api

BUNDLED WITH
   1.15.4
